PATH
  remote: ../roads
  specs:
    roads (0.4.0)
      byebug
      erubis
      rack
      sqlite3

GEM
  remote: http://rubygems.org/
  specs:
    byebug (11.0.1)
    erubis (2.7.0)
    rack (2.0.7)
    sqlite3 (1.4.0)

PLATFORMS
  ruby

DEPENDENCIES
  byebug
  roads!

BUNDLED WITH
   1.17.1
