PATH
  remote: ../roads
  specs:
    roads (0.2.0)
      rack

GEM
  remote: http://rubygems.org/
  specs:
    rack (2.0.7)

PLATFORMS
  ruby

DEPENDENCIES
  roads!

BUNDLED WITH
   1.17.1
